GEM
  remote: https://rubygems.org/
  specs:
    rack (1.6.4)
    rdiscount (2.2.0.1)
    tilt (2.0.6)

PLATFORMS
  ruby

DEPENDENCIES
  rack
  rdiscount
  tilt
