GEM
  remote: https://rubygems.org/
  specs:
    erubis (2.7.0)
    haml (5.1.2)
      temple (>= 0.8.0)
      tilt
    rack (2.2.2)
    rdiscount (2.2.0.1)
    sass (3.4.23)
    temple (0.8.2)
    tilt (2.0.10)

PLATFORMS
  ruby

DEPENDENCIES
  erubis
  haml
  rack
  rdiscount
  sass
  tilt

BUNDLED WITH
   1.16.6
