GEM
  remote: https://rubygems.org/
  specs:
    erubis (2.7.0)
    haml (4.0.7)
      tilt
    rack (2.0.1)
    rdiscount (2.2.0.1)
    sass (3.4.23)
    tilt (2.0.7)

PLATFORMS
  ruby

DEPENDENCIES
  erubis
  haml
  rack
  rdiscount
  sass
  tilt

BUNDLED WITH
   1.10.5
