GEM
  remote: https://rubygems.org/
  specs:
    erubis (2.7.0)
    haml (4.0.7)
      tilt
    rack (1.6.4)
    rdiscount (2.2.0.1)
    tilt (2.0.6)

PLATFORMS
  ruby

DEPENDENCIES
  erubis
  haml
  rack
  rdiscount
  tilt

BUNDLED WITH
   1.10.5
